GIT
  remote: git://github.com/jpettersson/tutter.git
  revision: 652420266c48749f8cd87f8888b1f80ca4074c51
  branch: flexible-configuration
  specs:
    tutter (0.0.1)
      octokit (~> 3.2.0)
      sinatra (~> 1.4.4)

GEM
  remote: https://rubygems.org/
  specs:
    addressable (2.3.6)
    backports (3.6.0)
    faraday (0.9.0)
      multipart-post (>= 1.2, < 3)
    multi_json (1.10.1)
    multipart-post (2.0.0)
    octokit (3.2.0)
      sawyer (~> 0.5.3)
    rack (1.5.2)
    rack-protection (1.5.3)
      rack
    rack-test (0.6.2)
      rack (>= 1.0)
    sawyer (0.5.4)
      addressable (~> 2.3.5)
      faraday (~> 0.8, < 0.10)
    sinatra (1.4.5)
      rack (~> 1.4)
      rack-protection (~> 1.4)
      tilt (~> 1.3, >= 1.3.4)
    sinatra-contrib (1.4.2)
      backports (>= 2.0)
      multi_json
      rack-protection
      rack-test
      sinatra (~> 1.4.0)
      tilt (~> 1.3)
    sinatra-reloader (1.0)
      sinatra-contrib
    tilt (1.4.1)

PLATFORMS
  ruby

DEPENDENCIES
  sinatra-reloader
  tutter!
